GEM
  remote: https://rubygems.org/
  specs:
    numo-narray (0.9.2.0)

PLATFORMS
  x86_64-darwin-20
  x86_64-linux

DEPENDENCIES
  numo-narray

BUNDLED WITH
   2.3.7
